PATH
  remote: .
  specs:
    newebpay (0.2.0)
      offsite_payments (>= 2.7.26)

GEM
  remote: https://rubygems.org/
  specs:
    actionpack (6.1.1)
      actionview (= 6.1.1)
      activesupport (= 6.1.1)
      rack (~> 2.0, >= 2.0.9)
      rack-test (>= 0.6.3)
      rails-dom-testing (~> 2.0)
      rails-html-sanitizer (~> 1.0, >= 1.2.0)
    actionview (6.1.1)
      activesupport (= 6.1.1)
      builder (~> 3.1)
      erubi (~> 1.4)
      rails-dom-testing (~> 2.0)
      rails-html-sanitizer (~> 1.1, >= 1.2.0)
    active_utils (3.3.17)
      activesupport (>= 4.2)
      i18n
    activesupport (6.1.1)
      concurrent-ruby (~> 1.0, >= 1.0.2)
      i18n (>= 1.6, < 2)
      minitest (>= 5.1)
      tzinfo (~> 2.0)
      zeitwerk (~> 2.3)
    ast (2.4.1)
    builder (3.2.4)
    bundler-audit (0.7.0.1)
      bundler (>= 1.2.0, < 3)
      thor (>= 0.18, < 2)
    childprocess (4.0.0)
    concurrent-ruby (1.1.7)
    crass (1.0.6)
    diff-lcs (1.4.4)
    docile (1.3.5)
    erubi (1.10.0)
    i18n (1.8.7)
      concurrent-ruby (~> 1.0)
    iniparse (1.5.0)
    loofah (2.9.0)
      crass (~> 1.0.2)
      nokogiri (>= 1.5.9)
    minitest (5.14.3)
    money (6.13.8)
      i18n (>= 0.6.4, <= 2)
    nokogiri (1.11.1-x86_64-darwin)
      racc (~> 1.4)
    offsite_payments (2.7.26)
      actionpack (>= 5.2.3)
      actionview (>= 5.1.6.2)
      active_utils (~> 3.3.0)
      activesupport (>= 5.2.3)
      builder (>= 2.1.2, < 4.0.0)
      i18n (>= 0.6.6)
      nokogiri (>= 1.8.5)
    overcommit (0.57.0)
      childprocess (>= 0.6.3, < 5)
      iniparse (~> 1.4)
    parallel (1.20.1)
    parser (3.0.0.0)
      ast (~> 2.4.1)
    racc (1.5.2)
    rack (2.2.3)
    rack-test (1.1.0)
      rack (>= 1.0, < 3)
    rails-dom-testing (2.0.3)
      activesupport (>= 4.2.0)
      nokogiri (>= 1.6)
    rails-html-sanitizer (1.3.0)
      loofah (~> 2.3)
    rainbow (3.0.0)
    rake (12.3.3)
    regexp_parser (2.0.3)
    rexml (3.2.4)
    rspec (3.10.0)
      rspec-core (~> 3.10.0)
      rspec-expectations (~> 3.10.0)
      rspec-mocks (~> 3.10.0)
    rspec-core (3.10.1)
      rspec-support (~> 3.10.0)
    rspec-expectations (3.10.1)
      diff-lcs (>= 1.2.0, < 2.0)
      rspec-support (~> 3.10.0)
    rspec-mocks (3.10.1)
      diff-lcs (>= 1.2.0, < 2.0)
      rspec-support (~> 3.10.0)
    rspec-support (3.10.1)
    rubocop (1.8.1)
      parallel (~> 1.10)
      parser (>= 3.0.0.0)
      rainbow (>= 2.2.2, < 4.0)
      regexp_parser (>= 1.8, < 3.0)
      rexml
      rubocop-ast (>= 1.2.0, < 2.0)
      ruby-progressbar (~> 1.7)
      unicode-display_width (>= 1.4.0, < 3.0)
    rubocop-ast (1.4.0)
      parser (>= 2.7.1.5)
    rubocop-rake (0.5.1)
      rubocop
    rubocop-rspec (2.1.0)
      rubocop (~> 1.0)
      rubocop-ast (>= 1.1.0)
    ruby-progressbar (1.11.0)
    simplecov (0.21.2)
      docile (~> 1.1)
      simplecov-html (~> 0.11)
      simplecov_json_formatter (~> 0.1)
    simplecov-html (0.12.3)
    simplecov_json_formatter (0.1.2)
    thor (1.0.1)
    tzinfo (2.0.4)
      concurrent-ruby (~> 1.0)
    unicode-display_width (2.0.0)
    zeitwerk (2.4.2)

PLATFORMS
  ruby

DEPENDENCIES
  bundler-audit
  money
  newebpay!
  overcommit
  rake (~> 12.0)
  rspec (~> 3.0)
  rubocop (~> 1.8.1)
  rubocop-rake
  rubocop-rspec
  simplecov

BUNDLED WITH
   2.1.4
